PATH
  remote: .
  specs:
    makasi (0.1.3)
      asari (= 0.10.4)
      sitemap_generator

GEM
  remote: https://rubygems.org/
  specs:
    asari (0.10.4)
      httparty
    builder (3.2.4)
    httparty (0.18.0)
      mime-types (~> 3.0)
      multi_xml (>= 0.5.2)
    mime-types (3.3.1)
      mime-types-data (~> 3.2015)
    mime-types-data (3.2019.1009)
    multi_xml (0.6.0)
    rake (13.0.1)
    sitemap_generator (6.1.0)
      builder (~> 3.0)

PLATFORMS
  ruby

DEPENDENCIES
  bundler (~> 1.8)
  makasi!
  rake (~> 13.0)

BUNDLED WITH
   1.10.5
